GEM
  remote: http://rubygems.org/
  specs:
    minitest (2.7.0)

PLATFORMS
  ruby

DEPENDENCIES
  minitest
